GEM
  remote: https://rubygems.org/
  specs:
    rack (1.4.1)
    rack-protection (1.2.0)
      rack
    sinatra (1.3.3)
      rack (~> 1.3, >= 1.3.6)
      rack-protection (~> 1.2)
      tilt (~> 1.3, >= 1.3.3)
    syntax (1.0.0)
    syntaxi (0.5.0)
      syntax (= 1.0.0)
    tilt (1.3.3)

PLATFORMS
  ruby

DEPENDENCIES
  sinatra
  syntaxi
